GEM
  remote: http://rubygems.org/
  specs:
    activemodel (6.1.7.1)
      activesupport (= 6.1.7.1)
    activerecord (6.1.7.1)
      activemodel (= 6.1.7.1)
      activesupport (= 6.1.7.1)
    activesupport (6.1.7.1)
      concurrent-ruby (~> 1.0, >= 1.0.2)
      i18n (>= 1.6, < 2)
      minitest (>= 5.1)
      tzinfo (~> 2.0)
      zeitwerk (~> 2.3)
    concurrent-ruby (1.1.10)
    diff-lcs (1.1.3)
    docile (1.1.5)
    i18n (1.12.0)
      concurrent-ruby (~> 1.0)
    json (2.3.1)
    minitest (5.17.0)
    pg (0.18.4)
    polyglot (0.3.5)
    power_assert (0.2.6)
    rake (12.3.3)
    rspec (2.8.0)
      rspec-core (~> 2.8.0)
      rspec-expectations (~> 2.8.0)
      rspec-mocks (~> 2.8.0)
    rspec-core (2.8.0)
    rspec-expectations (2.8.0)
      diff-lcs (~> 1.1.2)
    rspec-mocks (2.8.0)
    simplecov (0.15.1)
      docile (~> 1.1.0)
      json (>= 1.8, < 3)
      simplecov-html (~> 0.10.0)
    simplecov-html (0.10.2)
    test-unit (3.1.5)
      power_assert
    treetop (1.4.15)
      polyglot
      polyglot (>= 0.3.1)
    tzinfo (2.0.5)
      concurrent-ruby (~> 1.0)
    zeitwerk (2.6.6)

PLATFORMS
  ruby

DEPENDENCIES
  activerecord (~> 6.1.7)
  pg
  rake
  rspec (~> 2.8.0)
  simplecov (~> 0.15.1)
  test-unit
  treetop (~> 1.4.14)

BUNDLED WITH
   1.15.4
